PATH
  remote: .
  specs:
    text_transform (1.0.0)
      helix_runtime (~> 0.6.1)

GEM
  remote: https://rubygems.org/
  specs:
    helix_runtime (0.6.1)
      rake (>= 10.0)
      thor (~> 0.19.4)
    rake (12.0.0)
    thor (0.19.4)

PLATFORMS
  ruby

DEPENDENCIES
  text_transform!

BUNDLED WITH
   1.14.6
